GEM
  remote: http://rubygems.org/
  specs:
    columnize (0.3.6)
    debugger (1.1.3)
      columnize (>= 0.3.1)
      debugger-linecache (~> 1.1.1)
      debugger-ruby_core_source (~> 1.1.2)
    debugger-linecache (1.1.1)
      debugger-ruby_core_source (>= 1.1.1)
    debugger-ruby_core_source (1.1.2)
    metaclass (0.0.1)
    minitest (2.12.1)
    mocha (0.10.5)
      metaclass (~> 0.0.1)
    rake (0.9.2.2)
    state_machine (1.1.2)

PLATFORMS
  ruby

DEPENDENCIES
  debugger (~> 1.1.0)
  minitest
  mocha
  rake
  state_machine (~> 1.1.0)
